GIT
  remote: https://github.com/jekyll/classifier-reborn
  revision: 849ba0834c5a9be78147a9072e599187e2203fce
  specs:
    classifier-reborn (2.2.0)
      fast-stemmer (~> 1.0)

GEM
  remote: https://rubygems.org/
  specs:
    backports (3.15.0)
    crass (1.0.4)
    faraday (0.15.4)
      multipart-post (>= 1.2, < 3)
    fast-stemmer (1.0.2)
    ffi (1.11.1)
    get_process_mem (0.2.3)
    kgio (2.11.2)
    mini_portile2 (2.8.0)
    multi_json (1.13.1)
    multipart-post (2.1.1)
    mustermann (1.0.3)
    natto (1.1.2)
      ffi (>= 1.9.0)
    nokogiri (1.13.3)
      mini_portile2 (~> 2.8.0)
      racc (~> 1.4)
    nokogumbo (2.0.1)
      nokogiri (~> 1.8, >= 1.8.4)
    racc (1.6.0)
    rack (2.0.7)
    rack-protection (2.0.5)
      rack
    raindrops (0.19.0)
    sanitize (5.0.0)
      crass (~> 1.0.2)
      nokogiri (>= 1.8.0)
      nokogumbo (~> 2.0)
    sinatra (2.0.5)
      mustermann (~> 1.0)
      rack (~> 2.0)
      rack-protection (= 2.0.5)
      tilt (~> 2.0)
    sinatra-contrib (2.0.5)
      backports (>= 2.8.2)
      multi_json
      mustermann (~> 1.0)
      rack-protection (= 2.0.5)
      sinatra (= 2.0.5)
      tilt (>= 1.3, < 3)
    sinatra-param (1.6.0)
      sinatra (>= 1.3)
    tilt (2.0.9)
    unicorn (5.5.1)
      kgio (~> 2.6)
      raindrops (~> 0.7)
    unicorn-worker-killer (0.4.4)
      get_process_mem (~> 0)
      unicorn (>= 4, < 6)

PLATFORMS
  ruby

DEPENDENCIES
  classifier-reborn!
  faraday
  natto
  sanitize
  sinatra
  sinatra-contrib
  sinatra-param
  unicorn
  unicorn-worker-killer

BUNDLED WITH
   2.0.2
